PATH
  remote: .
  specs:
    rubocop_roostify (0.1.0.pre)

GEM
  remote: https://rubygems.org/
  specs:
    ast (2.2.0)
    coderay (1.1.0)
    method_source (0.8.2)
    parser (2.3.0.6)
      ast (~> 2.2)
    powerpack (0.1.1)
    pry (0.10.3)
      coderay (~> 1.1.0)
      method_source (~> 0.8.1)
      slop (~> 3.4)
    rainbow (2.1.0)
    rake (10.5.0)
    rubocop (0.37.2)
      parser (>= 2.3.0.4, < 3.0)
      powerpack (~> 0.1)
      rainbow (>= 1.99.1, < 3.0)
      ruby-progressbar (~> 1.7)
      unicode-display_width (~> 0.3)
    ruby-progressbar (1.7.5)
    slop (3.6.0)
    unicode-display_width (0.3.1)

PLATFORMS
  ruby

DEPENDENCIES
  pry
  rake (~> 10.1)
  rubocop (= 0.37.2)
  rubocop_roostify!

BUNDLED WITH
   1.11.2
